GEM
  remote: http://rubygems.org/
  specs:
    ZenTest (4.6.2)
    akami (1.0.0)
      gyoku (>= 0.4.0)
    autotest-fsevent (0.2.8)
      sys-uname
    builder (3.0.0)
    diff-lcs (1.1.3)
    ffi (1.0.11)
    gyoku (0.4.4)
      builder (>= 2.1.2)
    hoe (2.15.0)
      rake (~> 0.8)
    hoe-bundler (1.1.0)
      hoe (>= 2.2.0)
    hoe-gemspec (1.0.0)
      hoe (>= 2.2.0)
    hoe-git (1.4.1)
      hoe (>= 2.2.0)
    httpi (0.9.6)
      rack
    metaclass (0.0.1)
    mocha (0.10.5)
      metaclass (~> 0.0.1)
    multi_json (1.1.0)
    nokogiri (1.5.0)
    nori (1.1.0)
    rack (1.4.1)
    rake (0.9.2.2)
    rspec (2.8.0)
      rspec-core (~> 2.8.0)
      rspec-expectations (~> 2.8.0)
      rspec-mocks (~> 2.8.0)
    rspec-core (2.8.0)
    rspec-expectations (2.8.0)
      diff-lcs (~> 1.1.2)
    rspec-mocks (2.8.0)
    savon (0.9.9)
      akami (~> 1.0)
      builder (>= 2.1.2)
      gyoku (>= 0.4.0)
      httpi (~> 0.9)
      nokogiri (>= 1.4.0)
      nori (~> 1.1)
      wasabi (~> 2.1)
    savon_spec (0.1.6)
      mocha (>= 0.9.8)
      rspec (>= 2.0.0)
      savon (>= 0.8.0)
    simplecov (0.6.1)
      multi_json (~> 1.0)
      simplecov-html (~> 0.5.3)
    simplecov-html (0.5.3)
    sys-uname (0.9.0)
      ffi (>= 1.0.0)
    wasabi (2.1.0)
      nokogiri (>= 1.4.0)

PLATFORMS
  ruby

DEPENDENCIES
  ZenTest
  autotest-fsevent
  hoe
  hoe-bundler
  hoe-gemspec
  hoe-git
  jruby-openssl
  rspec
  savon
  savon_spec
  simplecov
